GEM
  remote: https://rubygems.org/
  specs:

PLATFORMS
  arm64-darwin-22
  ruby

DEPENDENCIES

BUNDLED WITH
   2.5.9
